PATH
  remote: .
  specs:
    asin (2.0.1)
      confiture (>= 0.1)
      crack (>= 0.3)
      hashie (>= 1.1)
      httpi (>= 0.9)
      rash (>= 0.4)

GEM
  remote: http://rubygems.org/
  specs:
    addressable (2.3.2)
    byebug (3.5.1)
      columnize (~> 0.8)
      debugger-linecache (~> 1.2)
      slop (~> 3.6)
    codeclimate-test-reporter (0.3.0)
      simplecov (>= 0.7.1, < 1.0.0)
    columnize (0.8.9)
    confiture (0.1.4)
    crack (0.3.1)
    debugger-linecache (1.2.0)
    diff-lcs (1.2.5)
    docile (1.1.3)
    hashie (2.0.5)
    httpclient (2.3.0.1)
    httpi (2.3.0)
      rack
    multi_json (1.10.0)
    rack (1.5.2)
    rake (0.9.2.2)
    rash (0.4.0)
      hashie (~> 2.0.0)
    rspec (2.14.1)
      rspec-core (~> 2.14.0)
      rspec-expectations (~> 2.14.0)
      rspec-mocks (~> 2.14.0)
    rspec-core (2.14.8)
    rspec-expectations (2.14.5)
      diff-lcs (>= 1.1.3, < 2.0)
    rspec-mocks (2.14.6)
    simplecov (0.8.2)
      docile (~> 1.1.0)
      multi_json
      simplecov-html (~> 0.8.0)
    simplecov-html (0.8.0)
    slop (3.6.0)
    vcr (2.2.5)
    webmock (1.8.11)
      addressable (>= 2.2.7)
      crack (>= 0.1.7)

PLATFORMS
  java
  ruby

DEPENDENCIES
  asin!
  byebug
  codeclimate-test-reporter
  httpclient (>= 2.2.3)
  rake (~> 0.9.2)
  rspec (~> 2.11)
  vcr (~> 2.2)
  webmock (~> 1.8)
